PATH
  remote: ../../../simple_form_attachments
  specs:
    simple_form_attachments (0.0.1)
      handlebars
      jquery-ui-rails
      rails (>= 4.2)
      rails-assets-blueimp-file-upload (>= 9.6.0)
      rails-assets-handlebars
      simple_form (>= 3.0.2)
      slim

GEM
  remote: https://rubygems.org/
  specs:
    actionmailer (4.2.0)
      actionpack (= 4.2.0)
      actionview (= 4.2.0)
      activejob (= 4.2.0)
      mail (~> 2.5, >= 2.5.4)
      rails-dom-testing (~> 1.0, >= 1.0.5)
    actionpack (4.2.0)
      actionview (= 4.2.0)
      activesupport (= 4.2.0)
      rack (~> 1.6.0)
      rack-test (~> 0.6.2)
      rails-dom-testing (~> 1.0, >= 1.0.5)
      rails-html-sanitizer (~> 1.0, >= 1.0.1)
    actionview (4.2.0)
      activesupport (= 4.2.0)
      builder (~> 3.1)
      erubis (~> 2.7.0)
      rails-dom-testing (~> 1.0, >= 1.0.5)
      rails-html-sanitizer (~> 1.0, >= 1.0.1)
    activejob (4.2.0)
      activesupport (= 4.2.0)
      globalid (>= 0.3.0)
    activemodel (4.2.0)
      activesupport (= 4.2.0)
      builder (~> 3.1)
    activerecord (4.2.0)
      activemodel (= 4.2.0)
      activesupport (= 4.2.0)
      arel (~> 6.0)
    activesupport (4.2.0)
      i18n (~> 0.7)
      json (~> 1.7, >= 1.7.7)
      minitest (~> 5.1)
      thread_safe (~> 0.3, >= 0.3.4)
      tzinfo (~> 1.1)
    addressable (2.3.8)
    arel (6.0.0)
    binding_of_caller (0.7.2)
      debug_inspector (>= 0.0.1)
    bson (2.3.0)
    builder (3.2.2)
    byebug (4.0.5)
      columnize (= 0.9.0)
    coffee-rails (4.1.0)
      coffee-script (>= 2.2.0)
      railties (>= 4.0.0, < 5.0)
    coffee-script (2.4.1)
      coffee-script-source
      execjs
    coffee-script-source (1.9.1.1)
    columnize (0.9.0)
    connection_pool (2.2.0)
    debug_inspector (0.0.2)
    dragonfly (1.0.7)
      addressable (~> 2.3)
      multi_json (~> 1.0)
      rack
    dragonfly-mongoid_data_store (0.0.1)
      dragonfly (~> 1.0)
      mongoid (~> 4.0)
      mongoid-grid_fs (~> 2.1)
    erubis (2.7.0)
    execjs (2.5.2)
    globalid (0.3.5)
      activesupport (>= 4.1.0)
    handlebars (0.7.0)
      handlebars-source (~> 3.0.0)
      therubyracer (~> 0.12.1)
    handlebars-source (3.0.2)
    i18n (0.7.0)
    jquery-rails (4.0.3)
      rails-dom-testing (~> 1.0)
      railties (>= 4.2.0)
      thor (>= 0.14, < 2.0)
    jquery-ui-rails (5.0.3)
      railties (>= 3.2.16)
    json (1.8.2)
    libv8 (3.16.14.7)
    loofah (2.0.1)
      nokogiri (>= 1.5.9)
    mail (2.6.3)
      mime-types (>= 1.16, < 3)
    mime-types (2.4.3)
    mini_portile (0.6.2)
    minitest (5.6.0)
    mongoid (4.0.2)
      activemodel (~> 4.0)
      moped (~> 2.0.0)
      origin (~> 2.1)
      tzinfo (>= 0.3.37)
    mongoid-grid_fs (2.1.0)
      mime-types (>= 1.0, < 3.0)
      mongoid (>= 3.0, < 5.0)
    moped (2.0.4)
      bson (~> 2.2)
      connection_pool (~> 2.0)
      optionable (~> 0.2.0)
    multi_json (1.11.0)
    nokogiri (1.6.6.2)
      mini_portile (~> 0.6.0)
    optionable (0.2.0)
    origin (2.1.1)
    rack (1.6.0)
    rack-test (0.6.3)
      rack (>= 1.0)
    rails (4.2.0)
      actionmailer (= 4.2.0)
      actionpack (= 4.2.0)
      actionview (= 4.2.0)
      activejob (= 4.2.0)
      activemodel (= 4.2.0)
      activerecord (= 4.2.0)
      activesupport (= 4.2.0)
      bundler (>= 1.3.0, < 2.0)
      railties (= 4.2.0)
      sprockets-rails
    rails-assets-blueimp-canvas-to-blob (2.1.1)
    rails-assets-blueimp-file-upload (9.9.3)
      rails-assets-blueimp-canvas-to-blob (>= 2.1.1)
      rails-assets-blueimp-load-image (>= 1.13.0)
      rails-assets-blueimp-tmpl (>= 2.5.4)
      rails-assets-jquery (>= 1.6)
    rails-assets-blueimp-load-image (1.13.0)
    rails-assets-blueimp-tmpl (2.5.4)
    rails-assets-handlebars (3.0.2)
    rails-assets-jquery (2.1.3)
    rails-deprecated_sanitizer (1.0.3)
      activesupport (>= 4.2.0.alpha)
    rails-dom-testing (1.0.6)
      activesupport (>= 4.2.0.beta, < 5.0)
      nokogiri (~> 1.6.0)
      rails-deprecated_sanitizer (>= 1.0.1)
    rails-html-sanitizer (1.0.2)
      loofah (~> 2.0)
    railties (4.2.0)
      actionpack (= 4.2.0)
      activesupport (= 4.2.0)
      rake (>= 0.8.7)
      thor (>= 0.18.1, < 2.0)
    rake (10.4.2)
    ref (1.0.5)
    sass (3.4.13)
    sass-rails (5.0.3)
      railties (>= 4.0.0, < 5.0)
      sass (~> 3.1)
      sprockets (>= 2.8, < 4.0)
      sprockets-rails (>= 2.0, < 4.0)
      tilt (~> 1.1)
    simple_form (3.1.0)
      actionpack (~> 4.0)
      activemodel (~> 4.0)
    slim (3.0.3)
      temple (~> 0.7.3)
      tilt (>= 1.3.3, < 2.1)
    spring (1.3.4)
    sprockets (3.0.2)
      rack (~> 1.0)
    sprockets-rails (2.2.4)
      actionpack (>= 3.0)
      activesupport (>= 3.0)
      sprockets (>= 2.8, < 4.0)
    temple (0.7.5)
    therubyracer (0.12.2)
      libv8 (~> 3.16.14.0)
      ref
    thor (0.19.1)
    thread_safe (0.3.5)
    tilt (1.4.1)
    tzinfo (1.2.2)
      thread_safe (~> 0.1)
    uglifier (2.7.1)
      execjs (>= 0.3.0)
      json (>= 1.8.0)
    web-console (2.1.2)
      activemodel (>= 4.0)
      binding_of_caller (>= 0.7.2)
      railties (>= 4.0)
      sprockets-rails (>= 2.0, < 4.0)

PLATFORMS
  ruby

DEPENDENCIES
  byebug
  coffee-rails (~> 4.1.0)
  dragonfly
  dragonfly-mongoid_data_store
  jquery-rails
  mongoid
  rails (= 4.2.0)
  sass-rails (~> 5.0)
  simple_form_attachments!
  slim
  spring
  uglifier (>= 1.3.0)
  web-console (~> 2.0)
